GEM
  remote: https://rubygems.org/
  specs:
    breakpoint (2.5.0)
      sass (~> 3.3)
      sassy-maps (< 1.0.0)
    chunky_png (1.3.1)
    color-schemer (0.2.8)
      compass-blend-modes (~> 0.0.2)
    compass (1.0.1)
      chunky_png (~> 1.2)
      compass-core (~> 1.0.1)
      compass-import-once (~> 1.0.5)
      rb-fsevent (>= 0.9.3)
      rb-inotify (>= 0.9)
      sass (>= 3.3.13, < 3.5)
    compass-blend-modes (0.0.2)
      compass
    compass-core (1.0.1)
      multi_json (~> 1.0)
      sass (>= 3.3.0, < 3.5)
    compass-import-once (1.0.5)
      sass (>= 3.2, < 3.5)
    ffi (1.9.3)
    modular-scale (2.0.5)
      compass (>= 0.12.0)
    multi_json (1.10.1)
    normalize-scss (3.0.0.alpha.2)
      compass-core (>= 1.0.0.alpha.13)
      sass (>= 3.3.0.pre.rc.1)
    rb-fsevent (0.9.4)
    rb-inotify (0.9.5)
      ffi (>= 0.5.0)
    sass (3.4.1)
    sassy-maps (0.4.0)
      sass (~> 3.3)
    singularitygs (1.3.0)
      breakpoint (~> 2.4)
      sass (~> 3.3)
    toolkit (2.6.0)
      sass (~> 3.3)

PLATFORMS
  ruby

DEPENDENCIES
  breakpoint (~> 2.5.0)
  color-schemer (~> 0.2.8)
  compass (~> 1.0.1)
  modular-scale (~> 2.0.5)
  normalize-scss (~> 3.0.0.alpha.2)
  sass (~> 3.4.0)
  singularitygs (~> 1.3.0)
  toolkit (~> 2.6.0)

BUNDLED WITH
   1.10.3
